PATH
  remote: .
  specs:
    kaomoji_list (0.1.5)

GEM
  remote: https://rubygems.org/
  specs:
    rake (12.3.3)

PLATFORMS
  ruby

DEPENDENCIES
  bundler
  kaomoji_list!
  rake

BUNDLED WITH
   2.1.4
